{
    "Manufacturer": "Philips",
    "PatientPosition": "HFS",
    "SeriesDescription": "ImageMRSERIES",
    "ProtocolName": "WIPdwi_acq-32b1000SENSE",
    "SeriesNumber": 7,
    "AcquisitionNumber": 7,
    "ImageComments": "PIOP2",
    "PhilipsRescaleSlope": 3.89524,
    "PhilipsRescaleIntercept": 0,
    "PhilipsScaleSlope": 0.0264912,
    "UsePhilipsFloatNotDisplayScaling": 1,
    "EchoTime": 0.08599,
    "RepetitionTime": 7.38628,
    "ReconMatrixPE": 112,
    "ImageOrientationPatientDICOM": [
        0.996586,
        0.0816691,
        0.0121134,
        -0.0794832,
        0.98873,
        -0.126871
    ],
    "ConversionSoftware": "dcm2niix",
    "ConversionSoftwareVersion": "v1.0.20181125  GCC6.3.0",
    "BidsifyVersion": "0.3.5",
    "FlipAngle": 90,
    "WaterFatShift": 18.927,
    "ParallelAcquisitionTechnique": "SENSE",
    "ParallelReductionFactorInPlane": 2,
    "PhaseEncodingDirection": "j"
}